GEM
  remote: https://rubygems.org/
  specs:
    mysql2 (0.4.4)
    rake (10.5.0)
    sequel (4.30.0)

PLATFORMS
  ruby

DEPENDENCIES
  mysql2 (~> 0.4.4)
  rake (~> 10.5.0)
  sequel (~> 4.30.0)

BUNDLED WITH
   1.11.2
