GEM
  remote: https://rubygems.org/
  specs:
    bio (1.5.1)
    mysql2 (0.4.4)
    rake (10.5.0)
    sequel (4.30.0)

PLATFORMS
  ruby

DEPENDENCIES
  bio (~> 1.5.0)
  mysql2 (~> 0.4.4)
  rake (~> 10.5.0)
  sequel (~> 4.30.0)

BUNDLED WITH
   1.12.5
